GIT
  remote: https://github.com/andreweskeclarke/delayed_job_couchrest_model.git
  revision: 399d5325a55dcaf39d02c9659d5548a040d53746
  ref: 399d5325a55dcaf39d02c9659d5548a040d53746
  specs:
    delayed_job_couchrest_model (0.0.2)
      couchrest_model (~> 2.0)
      delayed_job (>= 3.0, < 5)

GIT
  remote: https://github.com/jawspeak/zipruby-compatibility-with-rubyzip-fork.git
  revision: f0e0668599cd95adb5d5024773a7b9eb16869a79
  tag: v0.3.7
  specs:
    zipruby-compat (0.3.7)

GIT
  remote: https://github.com/rapidftr/rapidftr-addon-cpims.git
  revision: 6d820ae76a6365436c4ef9325132422618178c7d
  branch: master
  specs:
    rapidftr_addon_cpims (0.0.4)
      activesupport
      chronic
      i18n
      writeexcel

GIT
  remote: https://github.com/rapidftr/rapidftr-addon.git
  revision: 30b6442b9ce69902c1b9b9b631061d54764f78bb
  branch: master
  specs:
    rapidftr_addon (0.0.2)
      activesupport
      i18n

GEM
  remote: https://rubygems.org/
  remote: https://rails-assets.org/
  specs:
    Ascii85 (1.0.2)
    actionmailer (4.0.9)
      actionpack (= 4.0.9)
      mail (~> 2.5.4)
    actionpack (4.0.9)
      activesupport (= 4.0.9)
      builder (~> 3.1.0)
      erubis (~> 2.7.0)
      rack (~> 1.5.2)
      rack-test (~> 0.6.2)
    activemodel (4.0.9)
      activesupport (= 4.0.9)
      builder (~> 3.1.0)
    activerecord (4.0.9)
      activemodel (= 4.0.9)
      activerecord-deprecated_finders (~> 1.0.2)
      activesupport (= 4.0.9)
      arel (~> 4.0.0)
    activerecord-deprecated_finders (1.0.3)
    activesupport (4.0.9)
      i18n (~> 0.6, >= 0.6.9)
      minitest (~> 4.2)
      multi_json (~> 1.3)
      thread_safe (~> 0.1)
      tzinfo (~> 0.3.37)
    afm (0.2.2)
    arel (4.0.2)
    ast (2.0.0)
    better_errors (2.0.0)
      coderay (>= 1.0.0)
      erubis (>= 2.6.6)
      rack (>= 0.9.0)
    builder (3.1.4)
    cancancan (1.9.2)
    cane (2.6.2)
      parallel
    capybara (2.4.1)
      mime-types (>= 1.16)
      nokogiri (>= 1.3.3)
      rack (>= 1.0.0)
      rack-test (>= 0.5.4)
      xpath (~...